GEM
  remote: https://rubygems.org/
  specs:
    awesome_print (1.0.2)
    hirb (0.6.2)
    xml-simple (1.1.1)

PLATFORMS
  ruby

DEPENDENCIES
  awesome_print
  hirb
  xml-simple
