GEM
  remote: https://rubygems.org/
  specs:
    hirb (0.6.2)

PLATFORMS
  ruby

DEPENDENCIES
  hirb
